GEM
  remote: http://rubygems.org/
  specs:
    nokogiri (1.5.6)
    rack (1.5.2)
    rack-protection (1.4.0)
      rack
    rgeo (0.3.20)
    rgeo-geojson (0.2.3)
      rgeo (>= 0.3.7)
    sinatra (1.3.5)
      rack (~> 1.4)
      rack-protection (~> 1.3)
      tilt (~> 1.3, >= 1.3.3)
    tilt (1.3.4)

PLATFORMS
  ruby

DEPENDENCIES
  nokogiri
  rgeo
  rgeo-geojson
  sinatra
